GEM
  remote: http://rubygems.org/
  specs:
    active_support (3.0.0)
      activesupport (= 3.0.0)
    activesupport (3.0.0)
    crack (0.1.6)
    diff-lcs (1.1.3)
    eventmachine (0.12.10)
    google-weather (0.3.0)
      httparty (~> 0.5.0)
    httparty (0.5.2)
      crack (= 0.1.6)
    i18n (0.6.0)
    metaclass (0.0.1)
    mocha (0.11.4)
      metaclass (~> 0.0.1)
    rake (0.9.2.2)
    rspec (2.10.0)
      rspec-core (~> 2.10.0)
      rspec-expectations (~> 2.10.0)
      rspec-mocks (~> 2.10.0)
    rspec-core (2.10.1)
    rspec-expectations (2.10.0)
      diff-lcs (~> 1.1.3)
    rspec-mocks (2.10.1)
    xmpp4r (0.5)
    xmpp4r-simple (0.8.8)
      xmpp4r (>= 0.3.2)

PLATFORMS
  ruby

DEPENDENCIES
  active_support
  eventmachine
  google-weather
  httparty
  i18n
  mocha
  rake
  rspec
  xmpp4r-simple
